GEM
  remote: https://rubygems.org/
  specs:
    chunky_png (1.3.11)
    compass (1.0.3)
      chunky_png (~> 1.2)
      compass-core (~> 1.0.2)
      compass-import-once (~> 1.0.5)
      rb-fsevent (>= 0.9.3)
      rb-inotify (>= 0.9)
      sass (>= 3.3.13, < 3.5)
    compass-core (1.0.3)
      multi_json (~> 1.0)
      sass (>= 3.3.0, < 3.5)
    compass-import-once (1.0.5)
      sass (>= 3.2, < 3.5)
    ffi (1.10.0)
    multi_json (1.13.1)
    neat (3.0.1)
      sass (~> 3.4)
      thor (~> 0.19)
    rake (12.3.2)
    rb-fsevent (0.10.3)
    rb-inotify (0.10.0)
      ffi (~> 1.0)
    sass (3.4.25)
    scss_lint (0.55.0)
      rake (>= 0.9, < 13)
      sass (~> 3.4.20)
    thor (0.20.3)

PLATFORMS
  ruby

DEPENDENCIES
  compass
  neat
  scss_lint

BUNDLED WITH
   1.16.1
